GEM
  remote: https://rubygems.org/
  specs:
    hiera-eyaml (2.0.8)
      highline (~> 1.6.19)
      trollop (~> 2.0)
    highline (1.6.21)
    rake (10.4.2)
    trollop (2.1.2)

PLATFORMS
  ruby

DEPENDENCIES
  hiera-eyaml
  rake
